PATH
  remote: .
  specs:
    clah-rails (0.1.0)

GEM
  remote: http://rubygems.org/
  specs:
    rake (0.9.2.2)
    rake-version (0.3.0)
      rake (~> 0.9.2)

PLATFORMS
  ruby

DEPENDENCIES
  clah-rails!
  rake-version (~> 0.3.0)
